GEM
  remote: https://rubygems.org/
  specs:
    coderay (1.1.3)
    method_source (1.1.0)
    parallel (1.26.3)
    pry (0.15.0)
      coderay (~> 1.1)
      method_source (~> 1.0)
    ruby-progressbar (1.13.0)

PLATFORMS
  arm64-darwin-23
  ruby

DEPENDENCIES
  parallel
  pry
  ruby-progressbar

BUNDLED WITH
   2.5.1
